GEM
  remote: http://rubygems.org/
  specs:
    haml (3.0.25)
    jido (0.2.0)
      nokogiri (>= 1.4.4)
      nokogiri (>= 1.4.4)
    json (1.5.1)
    nokogiri (1.4.4)
    rack (1.2.1)
    sinatra (1.1.2)
      rack (~> 1.1)
      tilt (~> 1.2)
    tilt (1.2.2)

PLATFORMS
  ruby

DEPENDENCIES
  haml
  jido (>= 0.2.0)
  json
  sinatra
